GEM
  remote: https://rubygems.org/
  specs:
    json (1.8.1)
    rack (1.6.13)
    rack-protection (1.5.5)
      rack
    rethinkdb (1.11.0.2)
      json
      ruby-protocol-buffers
      varint
    ruby-protocol-buffers (1.5.1)
    sinatra (1.4.4)
      rack (~> 1.4)
      rack-protection (~> 1.4)
      tilt (~> 1.3, >= 1.3.4)
    tilt (1.4.1)
    varint (0.1.0)

PLATFORMS
  ruby

DEPENDENCIES
  json
  rethinkdb
  sinatra
